GEM
  remote: https://rubygems.org/
  specs:
    codecov (0.1.9)
      json
      simplecov
      url
    diff-lcs (1.2.5)
    docile (1.1.5)
    json (2.0.2)
    rspec (3.5.0)
      rspec-core (~> 3.5.0)
      rspec-expectations (~> 3.5.0)
      rspec-mocks (~> 3.5.0)
    rspec-core (3.5.4)
      rspec-support (~> 3.5.0)
    rspec-expectations (3.5.0)
      diff-lcs (>= 1.2.0, < 2.0)
      rspec-support (~> 3.5.0)
    rspec-mocks (3.5.0)
      diff-lcs (>= 1.2.0, < 2.0)
      rspec-support (~> 3.5.0)
    rspec-support (3.5.0)
    simplecov (0.12.0)
      docile (~> 1.1.0)
      json (>= 1.8, < 3)
      simplecov-html (~> 0.10.0)
    simplecov-html (0.10.0)
    thor (0.19.4)
    url (0.3.2)

PLATFORMS
  ruby

DEPENDENCIES
  codecov
  rspec (~> 3.2)
  thor

RUBY VERSION
   ruby 2.3.3p222

BUNDLED WITH
   1.13.7
